PATH
  remote: ..
  specs:
    asana (0.10.5)
      faraday (~> 2.0)
      faraday-follow_redirects
      faraday-multipart
      oauth2 (>= 1.4, < 3)

GEM
  remote: https://rubygems.org/
  specs:
    base64 (0.2.0)
    faraday (2.9.0)
      faraday-net_http (>= 2.0, < 3.2)
    faraday-follow_redirects (0.3.0)
      faraday (>= 1, < 3)
    faraday-multipart (1.0.4)
      multipart-post (~> 2)
    faraday-net_http (3.1.0)
      net-http
    hashie (5.0.0)
    jwt (2.8.0)
      base64
    multi_xml (0.6.0)
    multipart-post (2.4.0)
    net-http (0.4.1)
      uri
    oauth2 (2.0.9)
      faraday (>= 0.17.3, < 3.0)
      jwt (>= 1.0, < 3.0)
      multi_xml (~> 0.5)
      rack (>= 1.2, < 4)
      snaky_hash (~> 2.0)
      version_gem (~> 1.1)
    rack (3.0.9.1)
    snaky_hash (2.0.1)
      hashie
      version_gem (~> 1.1, >= 1.1.1)
    uri (0.13.0)
    version_gem (1.1.3)

PLATFORMS
  ruby

DEPENDENCIES
  asana!

BUNDLED WITH
   1.17.3
